GEM
  remote: https://rubygems.org/
  specs:
    rack (1.6.4)
    sinatra (1.1.0)
      rack (~> 1.1)
      tilt (~> 1.1)
    sinatra-cross_origin (0.3.2)
    tilt (1.4.1)

PLATFORMS
  ruby

DEPENDENCIES
  sinatra (= 1.1.0)
  sinatra-cross_origin (~> 0.3.1)
